GEM
  remote: http://rubygems.org/
  specs:
    builder (3.2.0)
    cucumber (1.2.2)
      builder (>= 2.1.2)
      diff-lcs (>= 1.1.3)
      gherkin (~> 2.11.6)
      multi_json (~> 1.3)
    diff-lcs (1.2.1)
    fast-stemmer (1.0.2)
    gherkin (2.11.6)
      json (>= 1.7.6)
    gsl (1.15.3)
      narray (>= 0.5.9)
    httparty (0.8.1)
      multi_json
      multi_xml
    json (1.7.7)
    limited_red (0.4.8)
      cucumber (>= 1.1.4)
      httparty (= 0.8.1)
    multi_json (1.6.1)
    multi_xml (0.5.3)
    narray (0.6.0.8)
    rake (10.0.3)
    rspec (2.13.0)
      rspec-core (~> 2.13.0)
      rspec-expectations (~> 2.13.0)
      rspec-mocks (~> 2.13.0)
    rspec-core (2.13.0)
    rspec-expectations (2.13.0)
      diff-lcs (>= 1.1.3, < 2.0)
    rspec-mocks (2.13.0)

PLATFORMS
  ruby

DEPENDENCIES
  fast-stemmer
  gsl
  limited_red
  rake
  rspec
